GEM
  remote: https://rubygems.org/
  specs:
    haml (4.0.6)
      tilt
    sass (3.4.14)
    tilt (2.0.1)

PLATFORMS
  ruby

DEPENDENCIES
  haml
  sass

BUNDLED WITH
   1.10.4
